NUGET
  remote: https://www.nuget.org/api/v2
  specs:
    Fluent-CQRS (2.0.4.2)
    NUnit (2.6.4)
